GEM
  remote: https://rubygems.org/
  specs:
    Ascii85 (1.0.2)
    addressable (2.3.2)
    afm (0.2.0)
    em-websocket (0.3.6)
      addressable (>= 2.1.1)
      eventmachine (>= 0.12.9)
    eventmachine (0.12.10)
    ffi (1.3.1)
    guard (1.0.1)
      ffi (>= 0.5.0)
      thor (~> 0.14.6)
    guard-livereload (0.4.2)
      em-websocket (>= 0.2.0)
      guard (>= 0.10.0)
      multi_json (~> 1.0)
    guard-shell (0.4.0)
      guard (>= 0.2.0)
    hashery (2.1.0)
    multi_json (1.5.1)
    pdf-reader (1.3.2)
      Ascii85 (~> 1.0.0)
      afm (~> 0.2.0)
      hashery (~> 2.0)
      ruby-rc4
      ttfunk
    prawn (0.12.0)
      pdf-reader (>= 0.9.0)
      ttfunk (~> 1.0.2)
    ruby-rc4 (0.1.5)
    thor (0.14.6)
    ttfunk (1.0.3)

PLATFORMS
  ruby

DEPENDENCIES
  guard-livereload
  guard-shell
  prawn
